{
  "InstitutionAddress": "Centre de Recherche Cerveau et Cognition, Place du Docteur Baylac, Pavillon Baudot, 31059 Toulouse, France",
  "InstitutionName": "Paul Sabatier University",
  "InstitutionalDepartmentName": "Centre de Recherche Cerveau et Cognition",
  "PowerLineFrequency": 50,
  "ManufacturersModelName": "ActiveTwo",
  "TaskName": "mixed",
  "EEGChannelCount": 128,
  "EMGChannelCount": 8,
  "MiscChannelCount": 128,
  "EEGReference": "CMS",
  "RecordingType": "continuous",
  "RecordingDuration": 357,
  "SamplingFrequency": 512,
  "EOGChannelCount": 0,
  "ECGChannelCount": 0,
  "SoftwareFilters": "n/a"
}